GEM
  remote: https://rubygems.org/
  specs:
    activesupport (4.2.7.1)
      i18n (~> 0.7)
      json (~> 1.7, >= 1.7.7)
      minitest (~> 5.1)
      thread_safe (~> 0.3, >= 0.3.4)
      tzinfo (~> 1.1)
    addressable (2.4.0)
    coffee-script (2.4.1)
      coffee-script-source
      execjs
    coffee-script-source (1.10.0)
    colorator (1.1.0)
    concurrent-ruby (1.0.2)
    execjs (2.7.0)
    extras (0.1.0)
      forwardable-extended (~> 2.5)
    fastimage (2.0.0)
      addressable (~> 2)
    ffi (1.9.14)
    forwardable-extended (2.6.0)
    gemoji (2.1.0)
    html-pipeline (2.4.2)
      activesupport (>= 2)
      nokogiri (>= 1.4)
    i18n (0.7.0)
    jekyll (3.2.1)
      colorator (~> 1.0)
      jekyll-sass-converter (~> 1.0)
      jekyll-watch (~> 1.1)
      kramdown (~> 1.3)
      liquid (~> 3.0)
      mercenary (~> 0.3.3)
      pathutil (~> 0.9)
      rouge (~> 1.7)
      safe_yaml (~> 1.0)
    jekyll-asciinema (0.2.0)
      jekyll (>= 2.0)
    jekyll-assets (2.2.8)
      extras (~> 0.1)
      fastimage (~> 2.0, >= 1.8)
      jekyll (~> 3.1, >= 3.0)
      pathutil (>= 0.8)
      rack (> 1, < 2)
      sprockets (~> 3.3, < 3.7)
    jekyll-contentblocks (1.2.0)
      jekyll
    jekyll-sass-converter (1.4.0)
      sass (~> 3.4)
    jekyll-watch (1.5.0)
      listen (~> 3.0, < 3.1)
    jemoji (0.7.0)
      activesupport (~> 4.0)
      gemoji (~> 2.0)
      html-pipeline (~> 2.2)
      jekyll (>= 3.0)
    json (1.8.3)
    kramdown (1.12.0)
    liquid (3.0.6)
    listen (3.0.8)
      rb-fsevent (~> 0.9, >= 0.9.4)
      rb-inotify (~> 0.9, >= 0.9.7)
    mercenary (0.3.6)
    mini_portile2 (2.1.0)
    minitest (5.9.1)
    nokogiri (1.6.8)
      mini_portile2 (~> 2.1.0)
      pkg-config (~> 1.1.7)
    pathutil (0.14.0)
      forwardable-extended (~> 2.6)
    pkg-config (1.1.7)
    posix-spawn (0.3.11)
    pygments.rb (0.6.3)
      posix-spawn (~> 0.3.6)
      yajl-ruby (~> 1.2.0)
    rack (1.6.4)
    rb-fsevent (0.9.7)
    rb-inotify (0.9.7)
      ffi (>= 0.5.0)
    redcarpet (3.3.4)
    rouge (1.11.1)
    safe_yaml (1.0.4)
    sass (3.4.22)
    sprockets (3.6.3)
      concurrent-ruby (~> 1.0)
      rack (> 1, < 3)
    thread_safe (0.3.5)
    tzinfo (1.2.2)
      thread_safe (~> 0.1)
    uglifier (3.0.2)
      execjs (>= 0.3.0, < 3)
    yajl-ruby (1.2.1)
    yui-compressor (0.12.0)

PLATFORMS
  ruby

DEPENDENCIES
  coffee-script
  gemoji
  jekyll
  jekyll-asciinema
  jekyll-assets
  jekyll-contentblocks
  jemoji
  pygments.rb
  redcarpet
  rouge
  sass
  uglifier
  yui-compressor

BUNDLED WITH
   1.13.1
